GEM
  remote: http://rubygems.org/
  specs:
    activemodel (3.2.21)
      activesupport (= 3.2.21)
      builder (~> 3.0.0)
    activerecord (3.2.21)
      activemodel (= 3.2.21)
      activesupport (= 3.2.21)
      arel (~> 3.0.2)
      tzinfo (~> 0.3.29)
    activesupport (3.2.21)
      i18n (~> 0.6, >= 0.6.4)
      multi_json (~> 1.0)
    arel (3.0.3)
    bson (1.12.0)
    bson_ext (1.12.0)
      bson (~> 1.12.0)
    builder (3.0.4)
    byebug (3.5.1)
      columnize (~> 0.8)
      debugger-linecache (~> 1.2)
      slop (~> 3.6)
    celluloid (0.16.0)
      timers (~> 4.0.0)
    childprocess (0.5.5)
      ffi (~> 1.0, >= 1.0.11)
    columnize (0.9.0)
    debugger-linecache (1.2.0)
    ffi (1.9.6-x86-mingw32)
    hitimes (1.2.2-x86-mingw32)
    i18n (0.7.0)
    mini_portile (0.6.2)
    mongoid (3.1.6)
      activemodel (~> 3.2)
      moped (~> 1.4)
      origin (~> 1.0)
      tzinfo (~> 0.3.29)
    mongoid_auto_increment (0.1.2)
      mongoid (>= 2.0)
    moped (1.5.2)
    multi_json (1.10.1)
    mysql2 (0.3.18-x86-mingw32)
    nokogiri (1.6.6.2-x86-mingw32)
      mini_portile (~> 0.6.0)
    origin (1.1.0)
    rubyzip (1.1.7)
    selenium-webdriver (2.44.0)
      childprocess (~> 0.5)
      multi_json (~> 1.0)
      rubyzip (~> 1.0)
      websocket (~> 1.0)
    slop (3.6.0)
    timers (4.0.1)
      hitimes
    tzinfo (0.3.43)
    websocket (1.2.1)

PLATFORMS
  x86-mingw32

DEPENDENCIES
  activerecord
  activesupport
  bson_ext
  byebug
  celluloid
  mongoid
  mongoid_auto_increment
  mysql2
  nokogiri
  selenium-webdriver
